GEM
  remote: https://rubygems.org/
  specs:
    minitest (5.14.4)
    mocha (1.12.0)

PLATFORMS
  x86_64-darwin-19

DEPENDENCIES
  minitest
  mocha

RUBY VERSION
   ruby 2.5.3p105

BUNDLED WITH
   2.2.13
