GEM
  remote: https://rubygems.org/
  specs:
    minitest (5.10.3)
    mocha (1.12.0)

PLATFORMS
  ruby

DEPENDENCIES
  minitest (~> 5.10.3)
  mocha

RUBY VERSION
   ruby 2.5.3p105

BUNDLED WITH
   2.1.4
